GEM
  remote: https://rubygems.org/
  specs:
    connection_pool (2.4.1)
    redis (5.3.0)
      redis-client (>= 0.22.0)
    redis-client (0.22.2)
      connection_pool

PLATFORMS
  ruby

DEPENDENCIES
  redis (~> 5.0)

RUBY VERSION
   ruby 2.7.8p225

BUNDLED WITH
   2.1.4
