GEM
  remote: https://rubygems.org/
  specs:
    connection_pool (2.4.1)
    dotenv (2.8.1)
    rack (2.2.10)
    redis (4.8.1)
    sidekiq (6.5.12)
      connection_pool (>= 2.2.5, < 3)
      rack (~> 2.0)
      redis (>= 4.5.0, < 5)

PLATFORMS
  ruby

DEPENDENCIES
  dotenv
  redis (< 5.0)
  sidekiq (~> 6.5.7)

RUBY VERSION
   ruby 2.7.8p225

BUNDLED WITH
   2.1.4
